GEM
  remote: http://rubygems.org/
  specs:
    power_assert (2.0.3)
    rack (1.6.12)
    rack-protection (1.5.0)
      rack
    rack-test (0.6.3)
      rack (>= 1.0)
    rake (13.0.6)
    sinatra (1.4.2)
      rack (~> 1.5, >= 1.5.2)
      rack-protection (~> 1.4)
      tilt (~> 1.3, >= 1.3.4)
    test-unit (3.5.7)
      power_assert
    tilt (1.3.6)

PLATFORMS
  ruby

DEPENDENCIES
  rack
  rack-test
  rake
  sinatra
  test-unit

RUBY VERSION
   ruby 3.1.3p185

BUNDLED WITH
   2.3.26
